GEM
  remote: http://rubygems.org/
  specs:
    coderay (1.0.5)
    diff-lcs (1.1.3)
    json_pure (1.6.5)
    method_source (0.7.1)
    mime-types (1.17.2)
    pry (0.9.8.2)
      coderay (~> 1.0.5)
      method_source (~> 0.7)
      slop (>= 2.4.4, < 3)
    pry-remote (0.1.1)
      pry (~> 0.9.8)
      slop (~> 2.1)
    rake (0.9.2.2)
    rest-client (1.6.7)
      mime-types (>= 1.16)
    rspec (2.8.0)
      rspec-core (~> 2.8.0)
      rspec-expectations (~> 2.8.0)
      rspec-mocks (~> 2.8.0)
    rspec-core (2.8.0)
    rspec-expectations (2.8.0)
      diff-lcs (~> 1.1.2)
    rspec-mocks (2.8.0)
    slop (2.4.4)

PLATFORMS
  ruby

DEPENDENCIES
  json_pure
  pry-remote
  rake
  rest-client
  rspec
